PATH
  remote: .
  specs:
    code (0.0.1)
      gli (= 2.8.0)
      hub

GEM
  remote: https://rubygems.org/
  specs:
    addressable (2.3.8)
    aruba (0.5.3)
      childprocess (>= 0.3.6)
      cucumber (>= 1.1.1)
      rspec-expectations (>= 2.7.0)
    builder (3.2.2)
    childprocess (0.3.9)
      ffi (~> 1.0, >= 1.0.11)
    cucumber (1.3.8)
      builder (>= 2.1.2)
      diff-lcs (>= 1.1.3)
      gherkin (~> 2.12.1)
      multi_json (>= 1.7.5, < 2.0)
      multi_test (>= 0.0.2)
    diff-lcs (1.2.4)
    faraday (0.9.1)
      multipart-post (>= 1.2, < 3)
    ffi (1.9.0)
    gherkin (2.12.1)
      multi_json (~> 1.3)
    gli (2.8.0)
    hub (1.10.6)
    json (1.8.0)
    multi_json (1.8.0)
    multi_test (0.0.2)
    multipart-post (2.0.0)
    octokit (3.8.0)
      sawyer (~> 0.6.0, >= 0.5.3)
    rake (10.1.0)
    rdoc (4.0.1)
      json (~> 1.4)
    rspec (2.14.1)
      rspec-core (~> 2.14.0)
      rspec-expectations (~> 2.14.0)
      rspec-mocks (~> 2.14.0)
    rspec-core (2.14.5)
    rspec-expectations (2.14.2)
      diff-lcs (>= 1.1.3, < 2.0)
    rspec-mocks (2.14.3)
    sawyer (0.6.0)
      addressable (~> 2.3.5)
      faraday (~> 0.8, < 0.10)

PLATFORMS
  ruby

DEPENDENCIES
  aruba
  code!
  octokit
  rake
  rdoc
  rspec
